PATH
  remote: .
  specs:
    transrate-paper (0.1)
      bindeps (~> 0.0, >= 0.0.7)

GEM
  remote: https://rubygems.org/
  specs:
    ansi (1.4.3)
    bindeps (0.0.7)
      which_works
    coveralls (0.7.0)
      multi_json (~> 1.3)
      rest-client
      simplecov (>= 0.7)
      term-ansicolor
      thor
    docile (1.1.5)
    mime-types (2.3)
    minitest (4.7.5)
    multi_json (1.10.1)
    netrc (0.7.7)
    rake (10.3.2)
    rest-client (1.7.2)
      mime-types (>= 1.16, < 3.0)
      netrc (~> 0.7)
    shoulda-context (1.2.1)
    simplecov (0.8.2)
      docile (~> 1.1.0)
      multi_json
      simplecov-html (~> 0.8.0)
    simplecov-html (0.8.0)
    term-ansicolor (1.3.0)
      tins (~> 1.0)
    thor (0.19.1)
    tins (1.3.0)
    turn (0.9.7)
      ansi
      minitest (~> 4)
    which_works (1.0.2)

PLATFORMS
  ruby

DEPENDENCIES
  coveralls (~> 0.7)
  rake (~> 10.3, >= 10.3.2)
  shoulda-context (~> 1.2, >= 1.2.1)
  simplecov (~> 0.8, >= 0.8.2)
  transrate-paper!
  turn (~> 0.9, >= 0.9.7)
